PATH
  remote: .
  specs:
    async-worker (0.1.0)
      async (~> 1.0)
      async-io (~> 1.3)

GEM
  remote: https://rubygems.org/
  specs:
    async (1.5.0)
      nio4r (~> 2.0)
      timers (~> 4.1)
    async-io (1.7.0)
      async (~> 1.3)
    async-rspec (1.3.1)
      rspec (~> 3.0)
    diff-lcs (1.3)
    hitimes (1.2.6)
    nio4r (2.3.0)
    rake (10.5.0)
    rspec (3.7.0)
      rspec-core (~> 3.7.0)
      rspec-expectations (~> 3.7.0)
      rspec-mocks (~> 3.7.0)
    rspec-core (3.7.1)
      rspec-support (~> 3.7.0)
    rspec-expectations (3.7.0)
      diff-lcs (>= 1.2.0, < 2.0)
      rspec-support (~> 3.7.0)
    rspec-mocks (3.7.0)
      diff-lcs (>= 1.2.0, < 2.0)
      rspec-support (~> 3.7.0)
    rspec-support (3.7.1)
    timers (4.1.2)
      hitimes

PLATFORMS
  ruby

DEPENDENCIES
  async-rspec (~> 1.0)
  async-worker!
  bundler (>= 1.16)
  rake (~> 10.0)
  rspec (~> 3.0)

BUNDLED WITH
   1.16.1
